GEM
  remote: https://rubygems.org/
  specs:
    activesupport (5.2.8.1)
      concurrent-ruby (~> 1.0, >= 1.0.2)
      i18n (>= 0.7, < 2)
      minitest (~> 5.1)
      tzinfo (~> 1.1)
    concurrent-ruby (1.1.10)
    i18n (1.12.0)
      concurrent-ruby (~> 1.0)
    minitest (5.16.3)
    param_test (0.2.0)
      activesupport (~> 5.0)
    power_assert (2.0.1)
    test-unit (3.5.3)
      power_assert
    test-unit-runner-junitxml (0.1.2)
      test-unit
    test-unit-runner-tap (1.1.2)
      test-unit
    thread_safe (0.3.6)
    tzinfo (1.2.10)
      thread_safe (~> 0.1)

PLATFORMS
  x86_64-linux

DEPENDENCIES
  param_test (~> 0.2.0)
  test-unit (~> 3.5)
  test-unit-runner-junitxml (~> 0.1.1)
  test-unit-runner-tap (~> 1.1)

BUNDLED WITH
   2.2.28
